GEM
  remote: https://rubygems.org/
  specs:
    diff-lcs (1.6.2)
    rspec (3.13.1)
      rspec-core (~> 3.13.0)
      rspec-expectations (~> 3.13.0)
      rspec-mocks (~> 3.13.0)
    rspec-core (3.13.4)
      rspec-support (~> 3.13.0)
    rspec-expectations (3.13.5)
      diff-lcs (>= 1.2.0, < 2.0)
      rspec-support (~> 3.13.0)
    rspec-mocks (3.13.5)
      diff-lcs (>= 1.2.0, < 2.0)
      rspec-support (~> 3.13.0)
    rspec-support (3.13.4)

GEM
  remote: https://rubygems.pkg.github.com/y2kstack/
  specs:
    struct_definer (0.1.1)

PLATFORMS
  x64-mingw-ucrt

DEPENDENCIES
  rspec (~> 3.0)
  struct_definer (= 0.1.1)!

BUNDLED WITH
   2.4.19
